GEM
  remote: https://rubygems.org/
  specs:
    ffi (1.15.5)
    ffi-compiler (1.0.1)
      ffi (>= 1.0.0)
      rake
    power_assert (2.0.1)
    rake (13.0.6)
    test-unit (3.5.1)
      power_assert

PLATFORMS
  x86_64-linux

DEPENDENCIES
  ffi (= 1.15.5)
  ffi-compiler (= 1.0.1)
  test-unit (= 3.5.1)

BUNDLED WITH
   2.2.29
