PATH
  remote: .
  specs:
    sigma_rb (0.1.3)
      ffi-compiler (= 1.0.1)
      rake (~> 13.0)

GEM
  remote: https://rubygems.org/
  specs:
    ffi (1.15.5)
    ffi-compiler (1.0.1)
      ffi (>= 1.0.0)
      rake
    power_assert (2.0.1)
    rake (13.0.6)
    test-unit (3.5.1)
      power_assert
    webrick (1.7.0)
    yard (0.9.27)
      webrick (~> 1.7.0)

PLATFORMS
  x86_64-linux

DEPENDENCIES
  ffi (= 1.15.5)
  sigma_rb!
  test-unit (~> 3.5)
  yard (~> 0.6)

BUNDLED WITH
   2.2.33
